GEM
  remote: https://rubygems.org/
  specs:
    archive-tar-minitar (0.5.2)
    domain_name (0.5.24)
      unf (>= 0.0.5, < 1.0.0)
    http-cookie (1.0.2)
      domain_name (~> 0.5)
    json (1.8.3)
    mime-types (2.6.1)
    netrc (0.10.3)
    relish (0.7.1)
      archive-tar-minitar (>= 0.5.2)
      json (>= 1.4.6)
      rest-client (>= 1.7.2)
    rest-client (1.8.0)
      http-cookie (>= 1.0.2, < 2.0)
      mime-types (>= 1.16, < 3.0)
      netrc (~> 0.7)
    unf (0.1.4)
      unf_ext
    unf_ext (0.0.7.1)

PLATFORMS
  ruby

DEPENDENCIES
  relish (~> 0.7.1)
